{
	"DewarPosition": "upright",
	"DigitizedHeadPoints": true,
	"DigitizedLandmarks": true,
	"ECGChannelCount": 0,
	"ECOGChannelCount": 0,
	"EEGChannelCount": 0,
	"EMGChannelCount": 0,
	"EOGChannelCount": 3,
	"EpochLength": 175,
	"InstitutionName": "BCBL",
	"InstitutionalDepartmentName": "BCBL",
	"MEGChannelCount": 306,
	"MEGREFChannelCount": 0,
	"Manufacturer": "Elekta/Neuromag",
	"MiscChannelCount": 0,
	"PowerLineFrequency": 50,
	"RecordingDuration": 175,
	"SEEGChannelCount": 0,
	"SamplingFrequency": 1000,
	"SoftwareFilters": "n/a",
	"TaskName": "NumbersLetters",
	"TriggerChannelCount": 0
}
